PATH
  remote: .
  specs:
    hive (0.1.0)
      activesupport (~> 5.2)
      bunny (~> 2.9)
      hashie (~> 3.5)

GEM
  remote: https://rubygems.org/
  specs:
    activesupport (5.2.0)
      concurrent-ruby (~> 1.0, >= 1.0.2)
      i18n (>= 0.7, < 2)
      minitest (~> 5.1)
      tzinfo (~> 1.1)
    amq-protocol (2.3.0)
    bunny (2.9.2)
      amq-protocol (~> 2.3.0)
    byebug (10.0.2)
    coderay (1.1.2)
    concurrent-ruby (1.0.5)
    hashie (3.5.7)
    i18n (1.0.1)
      concurrent-ruby (~> 1.0)
    method_source (0.9.0)
    minitest (5.11.3)
    pry (0.11.3)
      coderay (~> 1.1.0)
      method_source (~> 0.9.0)
    pry-byebug (3.6.0)
      byebug (~> 10.0)
      pry (~> 0.10)
    rake (10.5.0)
    redis (4.0.1)
    thread_safe (0.3.6)
    tzinfo (1.2.5)
      thread_safe (~> 0.1)

PLATFORMS
  ruby

DEPENDENCIES
  bundler (~> 1.16)
  hive!
  minitest (~> 5.0)
  pry (~> 0.11)
  pry-byebug
  rake (~> 10.0)
  redis (~> 4.0)

BUNDLED WITH
   1.16.1
